GEM
  remote: https://rubygems.org/
  specs:
    openssl-oaep (0.1.0)

PLATFORMS
  x86_64-darwin-20

DEPENDENCIES
  openssl-oaep

BUNDLED WITH
   2.2.25
